PATH
  remote: .
  specs:
    rack-static-if-present (0.2.1)
      rack (> 1)

GEM
  remote: http://rubygems.org/
  specs:
    rack (1.5.2)

PLATFORMS
  ruby

DEPENDENCIES
  rack-static-if-present!
